GIT
  remote: https://github.com/soulcutter/phlex-markdown.git
  revision: 01e33f1d4f4b9888aa7a6d52630240755affa688
  specs:
    phlex-markdown (0.3.0)
      markly (~> 0.7)
      phlex (>= 0.5)

GEM
  remote: https://rubygems.org/
  specs:
    ast (2.4.2)
    debug (1.7.1)
      irb (>= 1.5.0)
      reline (>= 0.3.1)
    diff-lcs (1.5.0)
    filewatcher (2.1.0)
      module_methods (~> 0.1.0)
    htmlbeautifier (1.4.2)
    io-console (0.6.0)
    irb (1.6.2)
      reline (>= 0.3.0)
    json (2.6.3)
    language_server-protocol (3.17.0.3)
    markly (0.7.0)
    module_methods (0.1.0)
    parallel (1.22.1)
    parser (3.2.1.0)
      ast (~> 2.4.1)
    phlex (1.2.1)
      zeitwerk (~> 2.6)
    rainbow (3.1.1)
    redcarpet (3.5.1)
    regexp_parser (2.7.0)
    reline (0.3.2)
      io-console (~> 0.5)
    rexml (3.2.5)
    rouge (4.0.1)
    rspec (3.12.0)
      rspec-core (~> 3.12.0)
      rspec-expectations (~> 3.12.0)
      rspec-mocks (~> 3.12.0)
    rspec-core (3.12.0)
      rspec-support (~> 3.12.0)
    rspec-expectations (3.12.2)
      diff-lcs (>= 1.2.0, < 2.0)
      rspec-support (~> 3.12.0)
    rspec-mocks (3.12.3)
      diff-lcs (>= 1.2.0, < 2.0)
      rspec-support (~> 3.12.0)
    rspec-support (3.12.0)
    rubocop (1.44.1)
      json (~> 2.3)
      parallel (~> 1.10)
      parser (>= 3.2.0.0)
      rainbow (>= 2.2.2, < 4.0)
      regexp_parser (>= 1.8, < 3.0)
      rexml (>= 3.2.5, < 4.0)
      rubocop-ast (>= 1.24.1, < 2.0)
      ruby-progressbar (~> 1.7)
      unicode-display_width (>= 2.4.0, < 3.0)
    rubocop-ast (1.27.0)
      parser (>= 3.2.1.0)
    rubocop-performance (1.15.2)
      rubocop (>= 1.7.0, < 2.0)
      rubocop-ast (>= 0.4.0)
    ruby-progressbar (1.13.0)
    standard (1.24.3)
      language_server-protocol (~> 3.17.0.2)
      rubocop (= 1.44.1)
      rubocop-performance (= 1.15.2)
    syntax_suggest (1.0.2)
    unicode-display_width (2.4.2)
    webrick (1.8.1)
    zeitwerk (2.6.6)

PLATFORMS
  ruby

DEPENDENCIES
  debug
  filewatcher
  htmlbeautifier
  markly
  phlex
  phlex-markdown!
  redcarpet
  rouge
  rspec
  standard
  syntax_suggest
  webrick
  zeitwerk

BUNDLED WITH
   2.3.21
