GEM
  remote: https://rubygems.org/
  specs:
    debug (1.7.0)
      irb (>= 1.5.0)
      reline (>= 0.3.1)
    filewatcher (2.1.0)
      module_methods (~> 0.1.0)
    htmlbeautifier (1.4.2)
    io-console (0.6.0)
    irb (1.6.1)
      reline (>= 0.3.0)
    markly (0.7.0)
    module_methods (0.1.0)
    phlex (1.0.0)
      zeitwerk (~> 2.6)
    phlex-markdown (0.3.0)
      markly (~> 0.7)
      phlex (>= 0.5)
    redcarpet (3.5.1)
    reline (0.3.2)
      io-console (~> 0.5)
    rouge (3.26.0)
    syntax_suggest (1.0.1)
    webrick (1.7.0)
    zeitwerk (2.6.6)

PLATFORMS
  ruby

DEPENDENCIES
  debug
  filewatcher
  htmlbeautifier
  markly
  phlex
  phlex-markdown
  redcarpet
  rouge
  syntax_suggest
  webrick
  zeitwerk

BUNDLED WITH
   2.3.21
