GIT
  remote: https://github.com/soulcutter/phlex-markdown.git
  revision: 01e33f1d4f4b9888aa7a6d52630240755affa688
  specs:
    phlex-markdown (0.3.0)
      markly (~> 0.7)
      phlex (>= 0.5)

GEM
  remote: https://rubygems.org/
  specs:
    debug (1.7.1)
      irb (>= 1.5.0)
      reline (>= 0.3.1)
    diff-lcs (1.5.0)
    filewatcher (2.1.0)
      module_methods (~> 0.1.0)
    htmlbeautifier (1.4.2)
    io-console (0.6.0)
    irb (1.6.2)
      reline (>= 0.3.0)
    markly (0.7.0)
    module_methods (0.1.0)
    phlex (1.1.0)
      zeitwerk (~> 2.6)
    redcarpet (3.5.1)
    reline (0.3.2)
      io-console (~> 0.5)
    rouge (4.0.1)
    rspec (3.12.0)
      rspec-core (~> 3.12.0)
      rspec-expectations (~> 3.12.0)
      rspec-mocks (~> 3.12.0)
    rspec-core (3.12.0)
      rspec-support (~> 3.12.0)
    rspec-expectations (3.12.2)
      diff-lcs (>= 1.2.0, < 2.0)
      rspec-support (~> 3.12.0)
    rspec-mocks (3.12.2)
      diff-lcs (>= 1.2.0, < 2.0)
      rspec-support (~> 3.12.0)
    rspec-support (3.12.0)
    syntax_suggest (1.0.2)
    webrick (1.7.0)
    zeitwerk (2.6.6)

PLATFORMS
  ruby

DEPENDENCIES
  debug
  filewatcher
  htmlbeautifier
  markly
  phlex
  phlex-markdown!
  redcarpet
  rouge
  rspec
  syntax_suggest
  webrick
  zeitwerk

BUNDLED WITH
   2.3.21
